GEM
  remote: https://rubygems.org/
  specs:
    async (2.0.3)
      console (~> 1.10)
      io-event (~> 1.0.0)
      timers (~> 4.1)
    console (1.15.3)
      fiber-local
    fiber-local (1.0.0)
    io-event (1.0.9)
    timers (4.3.3)

PLATFORMS
  x86_64-darwin-20

DEPENDENCIES
  async (~> 2.0)

BUNDLED WITH
   2.3.7
